GEM
  remote: https://rubygems.org/
  specs:
    addressable (2.8.0)
      public_suffix (>= 2.0.2, < 5.0)
    clipboard (1.3.6)
    concurrent-ruby (1.1.9)
    cyberarm_engine (0.19.1)
      clipboard (~> 1.3.5)
      excon (~> 0.78.0)
      gosu (~> 1.1)
      gosu_more_drawables (~> 0.3)
    excon (0.78.1)
    gosu (1.2.0)
    gosu_more_drawables (0.3.1)
    i18n (1.8.11)
      concurrent-ruby (~> 1.0)
    launchy (2.5.0)
      addressable (~> 2.7)
    public_suffix (4.0.6)
    rexml (3.2.5)

PLATFORMS
  x64-mingw32
  x86_64-linux

DEPENDENCIES
  cyberarm_engine
  i18n
  launchy
  rexml

BUNDLED WITH
   2.2.28
