GEM
  remote: https://rubygems.org/
  specs:
    base64 (0.2.0)
    concurrent-ruby (1.2.3)
    cyberarm_engine (0.24.2)
      excon (~> 0.88)
      gosu (~> 1.1)
      gosu_more_drawables (~> 0.3)
    digest-crc (0.6.5)
      rake (>= 12.0.0, < 14.0.0)
    event_emitter (0.2.6)
    excon (0.109.0)
    ffi (1.16.3)
    ffi-win32-extensions (1.0.4)
      ffi
    gosu (1.4.6)
    gosu_more_drawables (0.3.1)
    i18n (1.14.1)
      concurrent-ruby (~> 1.0)
    ircparser (1.0.0)
    rake (13.1.0)
    rexml (3.2.6)
    rubyzip (2.3.2)
    sdl2-bindings (0.2.3)
      ffi (~> 1.15)
    websocket (1.2.10)
    websocket-client-simple (0.8.0)
      event_emitter
      websocket
    win32-process (0.10.0)
      ffi (>= 1.0.0)
    win32-security (0.5.0)
      ffi
      ffi-win32-extensions

PLATFORMS
  x64-mingw-ucrt
  x64-mingw32
  x86_64-linux

DEPENDENCIES
  base64
  cyberarm_engine
  digest-crc
  i18n
  ircparser
  rexml
  rubyzip
  sdl2-bindings
  websocket-client-simple
  win32-process
  win32-security

BUNDLED WITH
   2.5.3
