GEM
  remote: https://rubygems.org/
  specs:
    addressable (2.8.1)
      public_suffix (>= 2.0.2, < 6.0)
    concurrent-ruby (1.1.10)
    cyberarm_engine (0.22.0)
      excon (~> 0.88)
      gosu (~> 1.1)
      gosu_more_drawables (~> 0.3)
    digest-crc (0.6.4)
      rake (>= 12.0.0, < 14.0.0)
    event_emitter (0.2.6)
    excon (0.94.0)
    ffi (1.15.5)
    ffi (1.15.5-x64-mingw-ucrt)
    ffi (1.15.5-x64-mingw32)
    ffi-win32-extensions (1.0.4)
      ffi
    gosu (1.4.3)
    gosu_more_drawables (0.3.1)
    i18n (1.12.0)
      concurrent-ruby (~> 1.0)
    ircparser (1.0.0)
    launchy (2.5.0)
      addressable (~> 2.7)
    public_suffix (5.0.0)
    rake (13.0.6)
    rexml (3.2.5)
    rubyzip (2.3.2)
    thread-local (1.1.0)
    websocket (1.2.9)
    websocket-client-simple (0.6.0)
      event_emitter
      websocket
    win32-process (0.10.0)
      ffi (>= 1.0.0)
    win32-security (0.5.0)
      ffi
      ffi-win32-extensions

PLATFORMS
  x64-mingw-ucrt
  x64-mingw32
  x86_64-linux

DEPENDENCIES
  cyberarm_engine
  digest-crc
  ffi
  i18n
  ircparser
  launchy
  rexml
  rubyzip
  thread-local
  websocket-client-simple
  win32-process
  win32-security

BUNDLED WITH
   2.3.17
